GEM
  remote: http://production.cf.rubygems.org/
  specs:
    colored (1.2)
    cri (2.6.1)
      colored (~> 1.2)
    kramdown (1.5.0)
    nanoc (3.7.4)
      cri (~> 2.3)
    rainbow (2.0.0)
    rake (10.4.2)

PLATFORMS
  ruby

DEPENDENCIES
  kramdown (~> 1.5.0)
  nanoc (~> 3.7.4)
  rainbow (~> 2.0.0)
  rake (~> 10.4.2)
